NUGET
  remote: http://api.nuget.org/v3/index.json
  specs:
    FAKE (4.39.0)
    Microsoft.NETCore.Platforms (1.0.1) - framework: net10, net11, net20, net30, net35, net40, net40
    Microsoft.NETCore.Targets (1.0.1) - framework: net10, net11, net20, net30, net35, net40, net40
    Microsoft.Win32.Primitives (4.0.1) - framework: net10, net11, net20, net30, net35, net40, net40
      Microsoft.NETCore.Platforms (>= 1.0.1) - framework: net10, net11, net20, net30, net35, net40, net40, net45, net451, net452, net453
      Microsoft.NETCore.Targets (>= 1.0.1) - framework: net10, net11, net20, net30, net35, net40, net40, net45, net451, net452, net453
      System.Runtime (>= 4.1.0) - framework: net10, net11, net20, net30, net35, net40, net40, net45, net451, net452, net453
    NETStandard.Library (1.6.0) - framework: net10, net11, net20, net30, net35, net40, net40
      Microsoft.NETCore.Platforms (>= 1.0.1)
      Microsoft.Win32.Primitives (>= 4.0.1)
      System.AppContext (>= 4.1.0)
      System.Collections (>= 4.0.11)
      System.Collections.Concurrent (>= 4.0.12)
      System.Console (>= 4.0.0)
      System.Diagnostics.Debug (>= 4.0.11)
      System.Diagnostics.Tools (>= 4.0.1)
      System.Diagnostics.Tracing (>= 4.1.0)
      System.Globalization (>= 4.0.11)
      System.Globalization.Calendars (>= 4.0.1)
      System.IO (>= 4.1.0)
      System.IO.Compression (>= 4.1.0)
      System.IO.Compression.ZipFile (>= 4.0.1)
      System.IO.FileSystem (>= 4.0.1)
      System.IO.FileSystem.Primitives (>= 4.0.1)
      System.Linq (>= 4.1.0)
      System.Linq.Expressions (>= 4.1.0)
      System.Net.Http (>= 4.1.0)
      System.Net.Primitives (>= 4.0.11)
      System.Net.Sockets (>= 4.1.0)
      System.ObjectModel (>= 4.0.12)
      System.Reflection (>= 4.1.0)
      System.Reflection.Extensions (>= 4.0.1)
      System.Reflection.Primitives (>= 4.0.1)
      System.Resources.ResourceManager (>= 4.0.1)
      System.Runtime (>= 4.1.0)
      System.Runtime.Extensions (>= 4.1.0)
      System.Runtime.Handles (>= 4.0.1)
      System.Runtime.InteropServices (>= 4.1.0)
      System.Runtime.InteropServices.RuntimeInformation (>= 4.0.0)
      System.Runtime.Numerics (>= 4.0.1)
      System.Security.Cryptography.Algorithms (>= 4.2.0)
      System.Security.Cryptography.Encoding (>= 4.0.0)
      System.Security.Cryptography.Primitives (>= 4.0.0)
      System.Security.Cryptography.X509Certificates (>= 4.1.0)
      System.Text.Encoding (>= 4.0.11)
      System.Text.Encoding.Extensions (>= 4.0.11)
      System.Text.RegularExpressions (>= 4.1.0)
      System.Threading (>= 4.0.11)
      System.Threading.Tasks (>= 4.0.11)
      System.Threading.Timer (>= 4.0.1)
      System.Xml.ReaderWriter (>= 4.0.11)
      System.Xml.XDocument (>= 4.0.11)
    runtime.native.System (4.0.0) - framework: net10, net11, net20, net30, net35, net40, net40
      Microsoft.NETCore.Platforms (>= 1.0.1)
      Microsoft.NETCore.Targets (>= 1.0.1)
    runtime.native.System.IO.Compression (4.1.0) - framework: net10, net11, net20, net30, net35, net40, net40
      Microsoft.NETCore.Platforms (>= 1.0.1)
      Microsoft.NETCore.Targets (>= 1.0.1)
    runtime.native.System.Net.Http (4.0.1) - framework: net10, net11, net20, net30, net35, net40, net40
      Microsoft.NETCore.Platforms (>= 1.0.1)
      Microsoft.NETCore.Targets (>= 1.0.1)
    runtime.native.System.Security.Cryptography (4.0.0) - framework: net10, net11, net20, net30, net35, net40, net40
      Microsoft.NETCore.Platforms (>= 1.0.1)
      Microsoft.NETCore.Targets (>= 1.0.1)
    System.AppContext (4.1.0) - framework: net10, net11, net20, net30, net35, net40, net40
    System.Buffers (4.0.0) - framework: net10, net11, net20, net30, net35, net40, net40
      System.Diagnostics.Debug (>= 4.0.11) - framework: net10, net11, net20, net30, net35, net40, net40
      System.Diagnostics.Tracing (>= 4.1.0) - framework: net10, net11, net20, net30, net35, net40, net40
      System.Resources.ResourceManager (>= 4.0.1) - framework: net10, net11, net20, net30, net35, net40, net40
      System.Runtime (>= 4.1.0) - framework: net10, net11, net20, net30, net35, net40, net40
      System.Threading (>= 4.0.11) - framework: net10, net11, net20, net30, net35, net40, net40
    System.Collections (4.0.11) - framework: net10, net11, net20, net30, net35, net40, net40
    System.Collections.Concurrent (4.0.12) - framework: net10, net11, net20, net30, net35, net40, net40
      System.Reflection (>= 4.1.0) - framework: net10, net11, net20, net30, net35, net40, net40
    System.Collections.NonGeneric (4.0.1) - framework: net10, net11, net20, net30, net35, net40, net40
      System.Diagnostics.Debug (>= 4.0.11) - framework: net10, net11, net20, net30, net35, net40, net40, net45, net451, net452, net453
      System.Globalization (>= 4.0.11) - framework: net10, net11, net20, net30, net35, net40, net40, net45, net451, net452, net453
      System.Resources.ResourceManager (>= 4.0.1) - framework: net10, net11, net20, net30, net35, net40, net40, net45, net451, net452, net453
      System.Runtime (>= 4.1.0) - framework: net10, net11, net20, net30, net35, net40, net40, net45, net451, net452, net453
      System.Runtime.Extensions (>= 4.1.0) - framework: net10, net11, net20, net30, net35, net40, net40, net45, net451, net452, net453
      System.Threading (>= 4.0.11) - framework: net10, net11, net20, net30, net35, net40, net40, net45, net451, net452, net453
    System.Collections.Specialized (4.0.1) - framework: net10, net11, net20, net30, net35, net40, net40
      System.Collections.NonGeneric (>= 4.0.1) - framework: net10, net11, net20, net30, net35, net40, net40, net45, net451, net452, net453
      System.Globalization (>= 4.0.11) - framework: net10, net11, net20, net30, net35, net40, net40, net45, net451, net452, net453
      System.Globalization.Extensions (>= 4.0.1) - framework: net10, net11, net20, net30, net35, net40, net40, net45, net451, net452, net453
      System.Resources.ResourceManager (>= 4.0.1) - framework: net10, net11, net20, net30, net35, net40, net40, net45, net451, net452, net453
      System.Runtime (>= 4.1.0) - framework: net10, net11, net20, net30, net35, net40, net40, net45, net451, net452, net453
      System.Runtime.Extensions (>= 4.1.0) - framework: net10, net11, net20, net30, net35, net40, net40, net45, net451, net452, net453
      System.Threading (>= 4.0.11) - framework: net10, net11, net20, net30, net35, net40, net40, net45, net451, net452, net453
    System.ComponentModel (4.0.1) - framework: net10, net11, net20, net30, net35, net40, net40
    System.ComponentModel.TypeConverter (4.1.0) - framework: net10, net11, net20, net30, net35, net40, net40
      System.Collections (>= 4.0.11) - framework: net10, net11, net20, net30, net35, net40, net40
      System.Collections.NonGeneric (>= 4.0.1) - framework: net10, net11, net20, net30, net35, net40, net40
      System.Collections.Specialized (>= 4.0.1) - framework: net10, net11, net20, net30, net35, net40, net40
      System.ComponentModel (>= 4.0.1) - framework: net10, net11, net20, net30, net35, net40, net40
      System.Globalization (>= 4.0.11) - framework: net10, net11, net20, net30, net35, net40, net40
      System.Linq (>= 4.1.0) - framework: net10, net11, net20, net30, net35, net40, net40
      System.Reflection (>= 4.1.0) - framework: net10, net11, net20, net30, net35, net40, net40
      System.Reflection.Extensions (>= 4.0.1) - framework: net10, net11, net20, net30, net35, net40, net40
      System.Reflection.Primitives (>= 4.0.1) - framework: net10, net11, net20, net30, net35, net40, net40
      System.Reflection.TypeExtensions (>= 4.1.0) - framework: net10, net11, net20, net30, net35, net40, net40
      System.Resources.ResourceManager (>= 4.0.1) - framework: net10, net11, net20, net30, net35, net40, net40
      System.Runtime (>= 4.1.0) - framework: net10, net11, net20, net30, net35, net40, net40
      System.Runtime.Extensions (>= 4.1.0) - framework: net10, net11, net20, net30, net35, net40, net40
      System.Threading (>= 4.0.11) - framework: net10, net11, net20, net30, net35, net40, net40
    System.Console (4.0.0) - framework: net10, net11, net20, net30, net35, net40, net40
      Microsoft.NETCore.Platforms (>= 1.0.1) - framework: net10, net11, net20, net30, net35, net40, net40, net45, net451, net452, net453
      Microsoft.NETCore.Targets (>= 1.0.1) - framework: net10, net11, net20, net30, net35, net40, net40, net45, net451, net452, net453
      System.IO (>= 4.1.0) - framework: net10, net11, net20, net30, net35, net40, net40, net45, net451, net452, net453
      System.Runtime (>= 4.1.0) - framework: net10, net11, net20, net30, net35, net40, net40, net45, net451, net452, net453
      System.Text.Encoding (>= 4.0.11) - framework: net10, net11, net20, net30, net35, net40, net40, net45, net451, net452, net453
    System.Diagnostics.Debug (4.0.11) - framework: net10, net11, net20, net30, net35, net40, net40
    System.Diagnostics.Tools (4.0.1) - framework: net10, net11, net20, net30, net35, net40, net40
    System.Diagnostics.Tracing (4.1.0) - framework: net10, net11, net20, net30, net35, net40, net40
    System.Drawing (1.0.0-beta004)
      NETStandard.Library (>= 1.5.0-rc2-24027) - framework: net10, net11, net20, net30, net35, net40, net40
      System.Collections.NonGeneric (>= 4.0.1-rc2-24027) - framework: net10, net11, net20, net30, net35, net40, net40
      System.Collections.Specialized (>= 4.0.1-rc2-24027) - framework: net10, net11, net20, net30, net35, net40, net40
      System.ComponentModel.TypeConverter (>= 4.0.1-rc2-24027) - framework: net10, net11, net20, net30, net35, net40, net40
      System.Drawing.Primitives (>= 4.0.0-rc2-24027) - framework: net10, net11, net20, net30, net35, net40, net40
      System.Runtime.Serialization.Primitives (>= 4.1.1-rc2-24027) - framework: net10, net11, net20, net30, net35, net40, net40
    System.Drawing.Primitives (4.0.0) - framework: net10, net11, net20, net30, net35, net40, net40
      System.Runtime (>= 4.1.0) - framework: net10, net11, net20, net30, net35, net40, net40
      System.Runtime.Extensions (>= 4.1.0) - framework: net10, net11, net20, net30, net35, net40, net40
    System.Globalization (4.0.11) - framework: net10, net11, net20, net30, net35, net40, net40
    System.Globalization.Calendars (4.0.1) - framework: net10, net11, net20, net30, net35, net40, net40
      Microsoft.NETCore.Platforms (>= 1.0.1) - framework: net10, net11, net20, net30, net35, net40, net40, net45, net451, net452, net453
      Microsoft.NETCore.Targets (>= 1.0.1) - framework: net10, net11, net20, net30, net35, net40, net40, net45, net451, net452, net453
      System.Globalization (>= 4.0.11) - framework: net10, net11, net20, net30, net35, net40, net40, net45, net451, net452, net453
      System.Runtime (>= 4.1.0) - framework: net10, net11, net20, net30, net35, net40, net40, net45, net451, net452, net453
    System.Globalization.Extensions (4.0.1) - framework: net10, net11, net20, net30, net35, net40, net40
      Microsoft.NETCore.Platforms (>= 1.0.1) - framework: net10, net11, net20, net30, net35, net40, net40, net45, net451, net452, net453
      System.Globalization (>= 4.0.11) - framework: net10, net11, net20, net30, net35, net40, net40, net45, net451, net452, net453
      System.Resources.ResourceManager (>= 4.0.1) - framework: net10, net11, net20, net30, net35, net40, net40, net45, net451, net452, net453
      System.Runtime (>= 4.1.0) - framework: net10, net11, net20, net30, net35, net40, net40, net45, net451, net452, net453
      System.Runtime.Extensions (>= 4.1.0) - framework: net10, net11, net20, net30, net35, net40, net40, net45, net451, net452, net453
      System.Runtime.InteropServices (>= 4.1.0) - framework: net10, net11, net20, net30, net35, net40, net40, net45, net451, net452, net453
    System.IO (4.1.0) - framework: net10, net11, net20, net30, net35, net40, net40
    System.IO.Compression (4.1.0) - framework: net10, net11, net20, net30, net35, net40, net40
      Microsoft.NETCore.Platforms (>= 1.0.1) - framework: net10, net11, net20, net30, net35, net40, net40
      runtime.native.System (>= 4.0.0) - framework: net10, net11, net20, net30, net35, net40, net40
      runtime.native.System.IO.Compression (>= 4.1.0) - framework: net10, net11, net20, net30, net35, net40, net40
      System.Collections (>= 4.0.11) - framework: net10, net11, net20, net30, net35, net40, net40
      System.Diagnostics.Debug (>= 4.0.11) - framework: net10, net11, net20, net30, net35, net40, net40
      System.Resources.ResourceManager (>= 4.0.1) - framework: net10, net11, net20, net30, net35, net40, net40
      System.Runtime.Extensions (>= 4.1.0) - framework: net10, net11, net20, net30, net35, net40, net40
      System.Runtime.Handles (>= 4.0.1) - framework: net10, net11, net20, net30, net35, net40, net40
      System.Runtime.InteropServices (>= 4.1.0) - framework: net10, net11, net20, net30, net35, net40, net40
      System.Threading (>= 4.0.11) - framework: net10, net11, net20, net30, net35, net40, net40
    System.IO.Compression.ZipFile (4.0.1) - framework: net10, net11, net20, net30, net35, net40, net40
      System.Buffers (>= 4.0.0) - framework: net10, net11, net20, net30, net35, net40, net40, net45, net451, net452, net453
      System.IO (>= 4.1.0) - framework: net10, net11, net20, net30, net35, net40, net40, net45, net451, net452, net453
      System.IO.Compression (>= 4.1.0) - framework: net10, net11, net20, net30, net35, net40, net40, net45, net451, net452, net453
      System.IO.FileSystem (>= 4.0.1) - framework: net10, net11, net20, net30, net35, net40, net40, net45, net451, net452, net453
      System.IO.FileSystem.Primitives (>= 4.0.1) - framework: net10, net11, net20, net30, net35, net40, net40, net45, net451, net452, net453
      System.Resources.ResourceManager (>= 4.0.1) - framework: net10, net11, net20, net30, net35, net40, net40, net45, net451, net452, net453
      System.Runtime (>= 4.1.0) - framework: net10, net11, net20, net30, net35, net40, net40, net45, net451, net452, net453
      System.Runtime.Extensions (>= 4.1.0) - framework: net10, net11, net20, net30, net35, net40, net40, net45, net451, net452, net453
      System.Text.Encoding (>= 4.0.11) - framework: net10, net11, net20, net30, net35, net40, net40, net45, net451, net452, net453
    System.IO.FileSystem (4.0.1) - framework: net10, net11, net20, net30, net35, net40, net40
      Microsoft.NETCore.Platforms (>= 1.0.1) - framework: net10, net11, net20, net30, net35, net40, net40, net45, net451, net452, net453
      Microsoft.NETCore.Targets (>= 1.0.1) - framework: net10, net11, net20, net30, net35, net40, net40, net45, net451, net452, net453
      System.IO (>= 4.1.0) - framework: net10, net11, net20, net30, net35, net40, net40, net45, net451, net452, net453
      System.Runtime (>= 4.1.0) - framework: net10, net11, net20, net30, net35, net40, net40, net45, net451, net452, net453
      System.Runtime.Handles (>= 4.0.1) - framework: net10, net11, net20, net30, net35, net40, net40, net45, net451, net452, net453
      System.Text.Encoding (>= 4.0.11) - framework: net10, net11, net20, net30, net35, net40, net40, net45, net451, net452, net453
      System.Threading.Tasks (>= 4.0.11) - framework: net10, net11, net20, net30, net35, net40, net40, net45, net451, net452, net453
    System.IO.FileSystem.Primitives (4.0.1) - framework: net10, net11, net20, net30, net35, net40, net40
      System.Runtime (>= 4.1.0) - framework: net10, net11, net20, net30, net35, net40, net40, net45, net451, net452, net453
    System.Linq (4.1.0) - framework: net10, net11, net20, net30, net35, net40, net40
    System.Linq.Expressions (4.1.0) - framework: net10, net11, net20, net30, net35, net40, net40
      System.ObjectModel (>= 4.0.12) - framework: net10, net11, net20, net30, net35, net40, net40
      System.Reflection.Emit (>= 4.0.1) - framework: net10, net11, net20, net30, net35, net40, net40
    System.Net.Http (4.1.0) - framework: net10, net11, net20, net30, net35, net40, net40
      runtime.native.System (>= 4.0.0) - framework: net10, net11, net20, net30, net35, net40, net40
      runtime.native.System.Net.Http (>= 4.0.1) - framework: net10, net11, net20, net30, net35, net40, net40
      runtime.native.System.Security.Cryptography (>= 4.0.0) - framework: net10, net11, net20, net30, net35, net40, net40
      System.Globalization.Extensions (>= 4.0.1) - framework: net10, net11, net20, net30, net35, net40, net40
      System.IO.Compression (>= 4.1.0) - framework: net10, net11, net20, net30, net35, net40, net40
      System.IO.FileSystem (>= 4.0.1) - framework: net10, net11, net20, net30, net35, net40, net40
      System.Runtime.Handles (>= 4.0.1) - framework: net10, net11, net20, net30, net35, net40, net40
      System.Security.Cryptography.Algorithms (>= 4.2.0) - framework: net10, net11, net20, net30, net35, net40, net40
      System.Security.Cryptography.Encoding (>= 4.0.0) - framework: net10, net11, net20, net30, net35, net40, net40
      System.Security.Cryptography.OpenSsl (>= 4.0.0) - framework: net10, net11, net20, net30, net35, net40, net40
      System.Security.Cryptography.Primitives (>= 4.0.0) - framework: net10, net11, net20, net30, net35, net40, net40
    System.Net.Primitives (4.0.11) - framework: net10, net11, net20, net30, net35, net40, net40
    System.Net.Sockets (4.1.0) - framework: net10, net11, net20, net30, net35, net40, net40
      Microsoft.NETCore.Platforms (>= 1.0.1) - framework: net10, net11, net20, net30, net35, net40, net40, net45, net451, net452, net453
      Microsoft.NETCore.Targets (>= 1.0.1) - framework: net10, net11, net20, net30, net35, net40, net40, net45, net451, net452, net453
      System.IO (>= 4.1.0) - framework: net10, net11, net20, net30, net35, net40, net40, net45, net451, net452, net453
      System.Net.Primitives (>= 4.0.11) - framework: net10, net11, net20, net30, net35, net40, net40, net45, net451, net452, net453
      System.Runtime (>= 4.1.0) - framework: net10, net11, net20, net30, net35, net40, net40, net45, net451, net452, net453
      System.Threading.Tasks (>= 4.0.11) - framework: net10, net11, net20, net30, net35, net40, net40, net45, net451, net452, net453
    System.ObjectModel (4.0.12) - framework: net10, net11, net20, net30, net35, net40, net40
    System.Reflection (4.1.0) - framework: net10, net11, net20, net30, net35, net40, net40
    System.Reflection.Emit (4.0.1) - framework: net10, net11, net20, net30, net35, net40, net40
      System.IO (>= 4.1.0) - framework: net10, net11, net20, net30, net35, net40, net40
      System.Reflection (>= 4.1.0) - framework: net10, net11, net20, net30, net35, net40, net40
      System.Reflection.Primitives (>= 4.0.1) - framework: net10, net11, net20, net30, net35, net40, net40
      System.Runtime (>= 4.1.0) - framework: net10, net11, net20, net30, net35, net40, net40
    System.Reflection.Extensions (4.0.1) - framework: net10, net11, net20, net30, net35, net40, net40
    System.Reflection.Primitives (4.0.1) - framework: net10, net11, net20, net30, net35, net40, net40
    System.Reflection.TypeExtensions (4.1.0) - framework: net10, net11, net20, net30, net35, net40, net40
    System.Resources.ResourceManager (4.0.1) - framework: net10, net11, net20, net30, net35, net40, net40
    System.Runtime (4.1.0) - framework: net10, net11, net20, net30, net35, net40, net40
    System.Runtime.Extensions (4.1.0) - framework: net10, net11, net20, net30, net35, net40, net40
    System.Runtime.Handles (4.0.1) - framework: net10, net11, net20, net30, net35, net40, net40
      Microsoft.NETCore.Platforms (>= 1.0.1) - framework: net10, net11, net20, net30, net35, net40, net40, net45, net451, net452, net453
      Microsoft.NETCore.Targets (>= 1.0.1) - framework: net10, net11, net20, net30, net35, net40, net40, net45, net451, net452, net453
      System.Runtime (>= 4.1.0) - framework: net10, net11, net20, net30, net35, net40, net40, net45, net451, net452, net453
    System.Runtime.InteropServices (4.1.0) - framework: net10, net11, net20, net30, net35, net40, net40
    System.Runtime.InteropServices.RuntimeInformation (4.0.0) - framework: net10, net11, net20, net30, net35, net40, net40
      runtime.native.System (>= 4.0.0) - framework: net10, net11, net20, net30, net35, net40, net40
      System.Runtime.InteropServices (>= 4.1.0) - framework: net10, net11, net20, net30, net35, net40, net40
    System.Runtime.Numerics (4.0.1) - framework: net10, net11, net20, net30, net35, net40, net40
    System.Runtime.Serialization.Primitives (4.1.1) - framework: net10, net11, net20, net30, net35, net40, net40
    System.Security.Cryptography.Algorithms (4.2.0) - framework: net10, net11, net20, net30, net35, net40, net40
      runtime.native.System.Security.Cryptography (>= 4.0.0) - framework: net10, net11, net20, net30, net35, net40, net40, net45, net451, net452, net453
      System.Collections (>= 4.0.11) - framework: net10, net11, net20, net30, net35, net40, net40, net45, net451, net452, net453
      System.Runtime.Numerics (>= 4.0.1) - framework: net10, net11, net20, net30, net35, net40, net40, net45, net451, net452, net453
    System.Security.Cryptography.Csp (4.0.0) - framework: net10, net11, net20, net30, net35, net40, net40
      Microsoft.NETCore.Platforms (>= 1.0.1) - framework: net10, net11, net20, net30, net35, net40, net40, net45, net451, net452, net453
      System.IO (>= 4.1.0) - framework: net10, net11, net20, net30, net35, net40, net40, net45, net451, net452, net453
      System.Reflection (>= 4.1.0) - framework: net10, net11, net20, net30, net35, net40, net40, net45, net451, net452, net453
      System.Resources.ResourceManager (>= 4.0.1) - framework: net10, net11, net20, net30, net35, net40, net40, net45, net451, net452, net453
      System.Runtime (>= 4.1.0) - framework: net10, net11, net20, net30, net35, net40, net40, net45, net451, net452, net453
      System.Runtime.Extensions (>= 4.1.0) - framework: net10, net11, net20, net30, net35, net40, net40, net45, net451, net452, net453
      System.Runtime.Handles (>= 4.0.1) - framework: net10, net11, net20, net30, net35, net40, net40, net45, net451, net452, net453
      System.Runtime.InteropServices (>= 4.1.0) - framework: net10, net11, net20, net30, net35, net40, net40, net45, net451, net452, net453
      System.Security.Cryptography.Encoding (>= 4.0.0) - framework: net10, net11, net20, net30, net35, net40, net40, net45, net451, net452, net453
      System.Text.Encoding (>= 4.0.11) - framework: net10, net11, net20, net30, net35, net40, net40, net45, net451, net452, net453
      System.Threading (>= 4.0.11) - framework: net10, net11, net20, net30, net35, net40, net40, net45, net451, net452, net453
    System.Security.Cryptography.Encoding (4.0.0) - framework: net10, net11, net20, net30, net35, net40, net40
      Microsoft.NETCore.Platforms (>= 1.0.1) - framework: net10, net11, net20, net30, net35, net40, net40, net45, net451, net452, net453
      runtime.native.System.Security.Cryptography (>= 4.0.0) - framework: net10, net11, net20, net30, net35, net40, net40, net45, net451, net452, net453
      System.Collections (>= 4.0.11) - framework: net10, net11, net20, net30, net35, net40, net40, net45, net451, net452, net453
      System.Collections.Concurrent (>= 4.0.12) - framework: net10, net11, net20, net30, net35, net40, net40, net45, net451, net452, net453
      System.Linq (>= 4.1.0) - framework: net10, net11, net20, net30, net35, net40, net40, net45, net451, net452, net453
      System.Resources.ResourceManager (>= 4.0.1) - framework: net10, net11, net20, net30, net35, net40, net40, net45, net451, net452, net453
      System.Runtime (>= 4.1.0) - framework: net10, net11, net20, net30, net35, net40, net40, net45, net451, net452, net453
      System.Runtime.Extensions (>= 4.1.0) - framework: net10, net11, net20, net30, net35, net40, net40, net45, net451, net452, net453
      System.Runtime.Handles (>= 4.0.1) - framework: net10, net11, net20, net30, net35, net40, net40, net45, net451, net452, net453
      System.Runtime.InteropServices (>= 4.1.0) - framework: net10, net11, net20, net30, net35, net40, net40, net45, net451, net452, net453
      System.Security.Cryptography.Primitives (>= 4.0.0) - framework: net10, net11, net20, net30, net35, net40, net40, net45, net451, net452, net453
      System.Text.Encoding (>= 4.0.11) - framework: net10, net11, net20, net30, net35, net40, net40, net45, net451, net452, net453
    System.Security.Cryptography.OpenSsl (4.0.0) - framework: net10, net11, net20, net30, net35, net40, net40
      runtime.native.System.Security.Cryptography (>= 4.0.0)
      System.Collections (>= 4.0.11)
      System.IO (>= 4.1.0)
      System.Resources.ResourceManager (>= 4.0.1)
      System.Runtime (>= 4.1.0)
      System.Runtime.Extensions (>= 4.1.0)
      System.Runtime.Handles (>= 4.0.1)
      System.Runtime.InteropServices (>= 4.1.0)
      System.Runtime.Numerics (>= 4.0.1)
      System.Security.Cryptography.Algorithms (>= 4.2.0)
      System.Security.Cryptography.Encoding (>= 4.0.0)
      System.Security.Cryptography.Primitives (>= 4.0.0)
      System.Text.Encoding (>= 4.0.11)
    System.Security.Cryptography.Primitives (4.0.0) - framework: net10, net11, net20, net30, net35, net40, net40
      System.Diagnostics.Debug (>= 4.0.11) - framework: net10, net11, net20, net30, net35, net40, net40, net45, net451, net452, net453
      System.Globalization (>= 4.0.11) - framework: net10, net11, net20, net30, net35, net40, net40, net45, net451, net452, net453
      System.IO (>= 4.1.0) - framework: net10, net11, net20, net30, net35, net40, net40, net45, net451, net452, net453
      System.Resources.ResourceManager (>= 4.0.1) - framework: net10, net11, net20, net30, net35, net40, net40, net45, net451, net452, net453
      System.Runtime (>= 4.1.0) - framework: net10, net11, net20, net30, net35, net40, net40, net45, net451, net452, net453
      System.Threading (>= 4.0.11) - framework: net10, net11, net20, net30, net35, net40, net40, net45, net451, net452, net453
      System.Threading.Tasks (>= 4.0.11) - framework: net10, net11, net20, net30, net35, net40, net40, net45, net451, net452, net453
    System.Security.Cryptography.X509Certificates (4.1.0) - framework: net10, net11, net20, net30, net35, net40, net40
      runtime.native.System (>= 4.0.0) - framework: net10, net11, net20, net30, net35, net40, net40, net45, net451, net452, net453
      runtime.native.System.Net.Http (>= 4.0.1) - framework: net10, net11, net20, net30, net35, net40, net40, net45, net451, net452, net453
      runtime.native.System.Security.Cryptography (>= 4.0.0) - framework: net10, net11, net20, net30, net35, net40, net40, net45, net451, net452, net453
      System.Diagnostics.Debug (>= 4.0.11) - framework: net10, net11, net20, net30, net35, net40, net40, net45, net451, net452, net453
      System.IO.FileSystem.Primitives (>= 4.0.1) - framework: net10, net11, net20, net30, net35, net40, net40, net45, net451, net452, net453
      System.Security.Cryptography.Csp (>= 4.0.0) - framework: net10, net11, net20, net30, net35, net40, net40, net45, net451, net452, net453
      System.Security.Cryptography.OpenSsl (>= 4.0.0) - framework: net10, net11, net20, net30, net35, net40, net40, net45, net451, net452, net453
    System.Text.Encoding (4.0.11) - framework: net10, net11, net20, net30, net35, net40, net40
    System.Text.Encoding.Extensions (4.0.11) - framework: net10, net11, net20, net30, net35, net40, net40
    System.Text.RegularExpressions (4.1.0) - framework: net10, net11, net20, net30, net35, net40, net40
    System.Threading (4.0.11) - framework: net10, net11, net20, net30, net35, net40, net40
    System.Threading.Tasks (4.0.11) - framework: net10, net11, net20, net30, net35, net40, net40
    System.Threading.Timer (4.0.1) - framework: net10, net11, net20, net30, net35, net40, net40
    System.Xml.ReaderWriter (4.0.11) - framework: net10, net11, net20, net30, net35, net40, net40
    System.Xml.XDocument (4.0.11) - framework: net10, net11, net20, net30, net35, net40, net40
